GIT
  remote: https://github.com/hannesg/json_like.git
  revision: 684d654960441fa18f4cdc1398cc99fc9b0b7714
  specs:
    json_like (0.0.1)
      multi_json
      parslet

PATH
  remote: .
  specs:
    racktables_api (0.0.1)
      addressive
      ipaddress
      multi_json
      net-ldap
      rack
      sass
      sequel
      sinatra
      slim

GEM
  remote: http://gemcutter.org/
  specs:
    addressive (0.1.0)
      uri_template (>= 0.5.1)
    blankslate (2.1.2.4)
    builder (3.2.2)
    cucumber (1.3.8)
      builder (>= 2.1.2)
      diff-lcs (>= 1.1.3)
      gherkin (~> 2.12.1)
      multi_json (>= 1.7.5, < 2.0)
      multi_test (>= 0.0.2)
    diff-lcs (1.2.4)
    gherkin (2.12.2)
      multi_json (~> 1.3)
    ipaddress (0.8.0)
    multi_json (1.8.2)
    multi_test (0.0.2)
    mysql (2.9.1)
    net-ldap (0.3.1)
    parslet (1.5.0)
      blankslate (~> 2.0)
    rack (1.5.2)
    rack-protection (1.5.1)
      rack
    rake (10.1.0)
    rspec (2.14.1)
      rspec-core (~> 2.14.0)
      rspec-expectations (~> 2.14.0)
      rspec-mocks (~> 2.14.0)
    rspec-core (2.14.6)
    rspec-expectations (2.14.3)
      diff-lcs (>= 1.1.3, < 2.0)
    rspec-mocks (2.14.4)
    sass (3.2.12)
    sequel (4.3.0)
    shotgun (0.9)
      rack (>= 1.0)
    simplecov (0.7.1)
      multi_json (~> 1.0)
      simplecov-html (~> 0.7.1)
    simplecov-html (0.7.1)
    sinatra (1.4.4)
      rack (~> 1.4)
      rack-protection (~> 1.4)
      tilt (~> 1.3, >= 1.3.4)
    slim (2.0.2)
      temple (~> 0.6.6)
      tilt (>= 1.3.3, < 2.1)
    temple (0.6.7)
    tilt (1.4.1)
    uri_template (0.6.0)

PLATFORMS
  ruby

DEPENDENCIES
  cucumber
  json_like!
  mysql
  racktables_api!
  rake
  rspec
  shotgun
  simplecov

BUNDLED WITH
   1.11.2
